PATH
  remote: .
  specs:
    lagoon (0.0.1)
      daru
      json
      recursive-open-struct
      sequel (< 5)

GEM
  remote: https://rubygems.org/
  specs:
    backports (3.11.3)
    daru (0.2.1)
      backports
      packable (~> 1.3.9)
    json (2.1.0)
    packable (1.3.9)
      backports
    recursive-open-struct (1.1.0)
    sequel (4.49.0)

PLATFORMS
  ruby

DEPENDENCIES
  lagoon!

BUNDLED WITH
   1.14.6
