PATH
  remote: .
  specs:
    lagoon (0.0.2)
      daru
      json
      recursive-open-struct
      sequel (< 5)

GEM
  remote: https://rubygems.org/
  specs:
    backports (3.18.1)
    daru (0.3)
      packable (~> 1.3.13)
    json (2.3.1)
    packable (1.3.14)
      backports
    recursive-open-struct (1.1.2)
    sequel (4.49.0)

PLATFORMS
  ruby

DEPENDENCIES
  lagoon!

BUNDLED WITH
   1.14.6
